GIT
  remote: https://github.com/rodjek/rspec-puppet.git
  revision: 0528059f0a6cf0a34bf7682a4fb4f301913ca182
  specs:
    rspec-puppet (2.6.13)
      rspec

GEM
  remote: http://rubygems.org/
  specs:
    diff-lcs (1.3)
    domain_name (0.5.20180417)
      unf (>= 0.0.5, < 1.0.0)
    facter (2.5.1)
    hiera (1.3.4)
      json_pure
    hiera-puppet-helper (1.0.1)
    http-cookie (1.0.3)
      domain_name (~> 0.5)
    json (2.1.0)
    json_pure (2.1.0)
    metaclass (0.0.4)
    mime-types (3.1)
      mime-types-data (~> 3.2015)
    mime-types-data (3.2016.0521)
    mocha (1.5.0)
      metaclass (~> 0.0.1)
    netrc (0.11.0)
    puppet (3.7.5)
      facter (> 1.6, < 3)
      hiera (~> 1.0)
      json_pure
    puppet-blacksmith (4.1.2)
      rest-client (~> 2.0)
    puppet-lint (2.3.5)
    puppet-syntax (2.4.1)
      rake
    puppetlabs_spec_helper (2.9.1)
      mocha (~> 1.0)
      puppet-lint (~> 2.0)
      puppet-syntax (~> 2.0)
      rspec-puppet (~> 2.0)
    rake (10.5.0)
    rest-client (2.0.2)
      http-cookie (>= 1.0.2, < 2.0)
      mime-types (>= 1.16, < 4.0)
      netrc (~> 0.8)
    rspec (3.7.0)
      rspec-core (~> 3.7.0)
      rspec-expectations (~> 3.7.0)
      rspec-mocks (~> 3.7.0)
    rspec-core (3.7.1)
      rspec-support (~> 3.7.0)
    rspec-expectations (3.7.0)
      diff-lcs (>= 1.2.0, < 2.0)
      rspec-support (~> 3.7.0)
    rspec-mocks (3.7.0)
      diff-lcs (>= 1.2.0, < 2.0)
      rspec-support (~> 3.7.0)
    rspec-support (3.7.1)
    unf (0.1.4)
      unf_ext
    unf_ext (0.0.7.5)

PLATFORMS
  ruby

DEPENDENCIES
  hiera-puppet-helper
  json
  puppet (~> 3.7.0)
  puppet-blacksmith
  puppet-lint
  puppet-syntax
  puppetlabs_spec_helper
  rake (< 11.0)
  rspec-puppet!

BUNDLED WITH
   1.16.2
